PATH
  remote: .
  specs:
    doneski (0.1.0)

GEM
  remote: https://rubygems.org/
  specs:
    rake (10.1.1)

PLATFORMS
  ruby

DEPENDENCIES
  bundler (~> 1.5)
  doneski!
  rake
